GEM
  remote: https://rubygems.org/
  specs:
    aws-sdk (2.2.11)
      aws-sdk-resources (= 2.2.11)
    aws-sdk-core (2.2.11)
      jmespath (~> 1.0)
    aws-sdk-resources (2.2.11)
      aws-sdk-core (= 2.2.11)
    coderay (1.1.0)
    ffi (1.9.10-java)
    interception (0.5)
    jmespath (1.1.3)
    method_source (0.8.2)
    pry (0.10.3-java)
      coderay (~> 1.1.0)
      method_source (~> 0.8.1)
      slop (~> 3.4)
      spoon (~> 0.0)
    pry-rescue (1.4.2)
      interception (>= 0.5)
      pry
    slop (3.6.0)
    spoon (0.0.4)
      ffi

PLATFORMS
  java

DEPENDENCIES
  aws-sdk
  pry
  pry-rescue

BUNDLED WITH
   1.10.6
